GEM
  remote: https://rubygems.org/
  specs:
    base64 (0.3.0)
    ffi (1.17.2)
    ffi (1.17.2-x86_64-linux-gnu)
    logger (1.7.0)
    rb-inotify (0.11.1)
      ffi (~> 1.0)

PLATFORMS
  ruby
  x86_64-linux

DEPENDENCIES
  base64
  logger
  rb-inotify

BUNDLED WITH
   2.6.9
